GIT
  remote: git://github.com/bbatsov/rubocop.git
  revision: bd7202abdcff6fd9af7f5df0c29e4522cdcc2577
  specs:
    rubocop (0.22.0)
      json (>= 1.7.7, < 2)
      parser (~> 2.1.9)
      powerpack (~> 0.0.6)
      rainbow (>= 1.99.1, < 3.0)
      ruby-progressbar (~> 1.4)

GEM
  remote: https://rubygems.org/
  specs:
    CFPropertyList (2.2.8)
    addressable (2.3.6)
    ast (2.0.0)
    backports (3.6.0)
    builder (3.2.2)
    celluloid (0.15.2)
      timers (~> 1.1.0)
    coderay (1.1.0)
    columnize (0.8.9)
    coveralls (0.7.0)
      multi_json (~> 1.3)
      rest-client
      simplecov (>= 0.7)
      term-ansicolor
      thor
    debugger (1.6.7)
      columnize (>= 0.3.1)
      debugger-linecache (~> 1.2.0)
      debugger-ruby_core_source (~> 1.3.5)
    debugger-linecache (1.2.0)
    debugger-ruby_core_source (1.3.5)
    diff-lcs (1.2.5)
    docile (1.1.3)
    ethon (0.7.0)
      ffi (>= 1.3.0)
    excon (0.33.0)
    facter (2.0.1)
      CFPropertyList (~> 2.2.6)
    faraday (0.9.0)
      multipart-post (>= 1.2, < 3)
    faraday_middleware (0.9.1)
      faraday (>= 0.7.4, < 0.10)
    ffi (1.9.3)
    fog (1.22.0)
      fog-brightbox
      fog-core (~> 1.21, >= 1.21.1)
      fog-json
      nokogiri (~> 1.5, >= 1.5.11)
    fog-brightbox (0.0.2)
      fog-core
      fog-json
    fog-core (1.22.0)
      builder
      excon (~> 0.33)
      formatador (~> 0.2)
      mime-types
      net-scp (~> 1.1)
      net-ssh (>= 2.1.3)
    fog-json (1.0.0)
      multi_json (~> 1.0)
    formatador (0.2.5)
    gh (0.13.2)
      addressable
      backports
      faraday (~> 0.8)
      multi_json (~> 1.0)
      net-http-persistent (>= 2.7)
      net-http-pipeline
    guard (2.6.1)
      formatador (>= 0.2.4)
      listen (~> 2.7)
      lumberjack (~> 1.0)
      pry (>= 0.9.12)
      thor (>= 0.18.1)
    guard-rspec (4.2.9)
      guard (~> 2.1)
      rspec (>= 2.14, < 4.0)
    hashr (0.0.22)
    hiera (1.3.3)
      json_pure
    highline (1.6.21)
    json (1.8.1)
    json_pure (1.8.1)
    kwalify (0.7.2)
    launchy (2.4.2)
      addressable (~> 2.3)
    listen (2.7.5)
      celluloid (>= 0.15.2)
      rb-fsevent (>= 0.9.3)
      rb-inotify (>= 0.9)
    lumberjack (1.0.5)
    metaclass (0.0.4)
    method_source (0.8.2)
    mime-types (1.25.1)
    mocha (1.1.0)
      metaclass (~> 0.0.1)
    multi_json (1.10.1)
    multipart-post (2.0.0)
    net-http-persistent (2.9.4)
    net-http-pipeline (1.0.1)
    net-scp (1.2.1)
      net-ssh (>= 2.6.5)
    net-ssh (2.9.1)
    nokogiri (1.5.11)
    parser (2.1.9)
      ast (>= 1.1, < 3.0)
      slop (~> 3.4, >= 3.4.5)
    powerpack (0.0.9)
    pry (0.9.12.6)
      coderay (~> 1.0)
      method_source (~> 0.8)
      slop (~> 3.4)
    pry-debugger (0.2.2)
      debugger (~> 1.3)
      pry (~> 0.9.10)
    puppet (3.6.1)
      facter (> 1.6, < 3)
      hiera (~> 1.0)
      json_pure
      rgen (~> 0.6.5)
    puppet-blacksmith (2.0.2)
      nokogiri
      puppet (>= 2.7.16)
      rest-client
    puppet-lint (0.3.2)
    puppet-syntax (1.2.0)
      puppet (>= 2.7.0)
      rake
    puppetlabs_spec_helper (0.4.1)
      mocha (>= 0.10.5)
      rake
      rspec (>= 2.9.0)
      rspec-puppet (>= 0.1.1)
    pusher-client (0.6.0)
      json
      websocket (~> 1.0)
    rainbow (2.0.0)
    rake (10.3.2)
    rb-fsevent (0.9.4)
    rb-inotify (0.9.4)
      ffi (>= 0.5.0)
    rbvmomi (1.8.1)
      builder
      nokogiri (>= 1.4.1)
      trollop
    rest-client (1.6.7)
      mime-types (>= 1.16)
    rgen (0.6.6)
    rspec (2.14.1)
      rspec-core (~> 2.14.0)
      rspec-expectations (~> 2.14.0)
      rspec-mocks (~> 2.14.0)
    rspec-core (2.14.8)
    rspec-expectations (2.14.5)
      diff-lcs (>= 1.1.3, < 2.0)
    rspec-mocks (2.14.6)
    rspec-puppet (1.0.1)
      rspec
    rspec-system (2.8.0)
      fog (~> 1.18)
      kwalify (~> 0.7.2)
      mime-types (~> 1.16)
      net-scp (~> 1.1)
      net-ssh (~> 2.7)
      nokogiri (~> 1.5.10)
      rbvmomi (~> 1.6)
      rspec (~> 2.14)
      systemu (~> 2.5)
    rspec-system-puppet (2.2.1)
      rspec-system (~> 2.0)
    ruby-progressbar (1.5.1)
    ruby_gntp (0.3.4)
    safe_yaml (0.9.7)
    simplecov (0.8.2)
      docile (~> 1.1.0)
      multi_json
      simplecov-html (~> 0.8.0)
    simplecov-html (0.8.0)
    slop (3.5.0)
    systemu (2.6.4)
    term-ansicolor (1.3.0)
      tins (~> 1.0)
    thor (0.19.1)
    timers (1.1.0)
    tins (1.3.0)
    travis (1.6.11)
      addressable (~> 2.3)
      backports
      faraday (~> 0.9)
      faraday_middleware (~> 0.9)
      gh (~> 0.13)
      highline (~> 1.6)
      launchy (~> 2.1)
      pry (~> 0.9)
      pusher-client (~> 0.4)
      typhoeus (~> 0.6, >= 0.6.8)
    travis-lint (1.8.0)
      hashr (~> 0.0.22)
      safe_yaml (~> 0.9.0)
    trollop (2.0)
    typhoeus (0.6.8)
      ethon (>= 0.7.0)
    vagrant-wrapper (1.2.1.1)
    websocket (1.1.4)

PLATFORMS
  ruby

DEPENDENCIES
  coveralls
  guard-rspec
  pry
  pry-debugger
  puppet
  puppet-blacksmith
  puppet-lint
  puppet-syntax
  puppetlabs_spec_helper
  rake
  rspec-puppet (~> 1.0.0)
  rspec-system-puppet
  rubocop!
  ruby_gntp
  simplecov
  travis
  travis-lint
  vagrant-wrapper
